GIT
  remote: git://github.com/Daem0n/transmission-client.git
  revision: 40d8b71df596f0a527633a2a5e9a2e6a34239e68
  specs:
    transmission-client (0.0.9)
      em-http-request

GEM
  remote: http://rubygems.org/
  specs:
    addressable (2.2.5)
    em-http-request (0.3.0)
      addressable (>= 2.0.0)
      escape_utils
      eventmachine (>= 0.12.9)
    escape_utils (0.2.3)
    eventmachine (0.12.10)
    git (1.2.5)
    jeweler (1.5.2)
      bundler (~> 1.0.0)
      git (>= 1.2.5)
      rake
    json (1.5.1)
    rake (0.8.7)
    rcov (0.9.9)
    shoulda (2.11.3)

PLATFORMS
  ruby

DEPENDENCIES
  bundler (~> 1.0.0)
  jeweler (~> 1.5.2)
  json
  rcov
  shoulda
  transmission-client (>= 0.0.9)!
